GEM
  remote: http://rubygems.org/
  specs:
    background_process (1.3)
    builder (3.0.0)
    cucumber (1.1.0)
      builder (>= 2.1.2)
      diff-lcs (>= 1.1.2)
      gherkin (~> 2.5.0)
      json (>= 1.4.6)
      term-ansicolor (>= 1.0.6)
    diff-lcs (1.1.3)
    gherkin (2.5.1)
      json (>= 1.4.6)
    git (1.2.5)
    httparty (0.8.1)
      multi_json
      multi_xml
    jeweler (1.6.4)
      bundler (~> 1.0)
      git (>= 1.2.5)
      rake
    json (1.6.1)
    multi_json (1.0.3)
    multi_xml (0.4.1)
    nokogiri (1.5.0)
    rake (0.9.2)
    rspec (2.6.0)
      rspec-core (~> 2.6.0)
      rspec-expectations (~> 2.6.0)
      rspec-mocks (~> 2.6.0)
    rspec-core (2.6.4)
    rspec-expectations (2.6.0)
      diff-lcs (~> 1.1.2)
    rspec-mocks (2.6.0)
    sandbox (0.1.1)
    term-ansicolor (1.0.6)

PLATFORMS
  ruby

DEPENDENCIES
  background_process
  cucumber
  httparty
  jeweler
  nokogiri
  rake
  rspec (>= 2)
  sandbox
